STORAGE: NONE
RESTRICTION: || (== netcoreapp2.0) (== netstandard2.0)
NUGET
  remote: https://www.nuget.org/api/v2
    FSharp.Core (4.3.4)
    Microsoft.AspNetCore.Hosting.Abstractions (2.0.1)
      Microsoft.AspNetCore.Hosting.Server.Abstractions (>= 2.0.1)
      Microsoft.AspNetCore.Http.Abstractions (>= 2.0.1)
      Microsoft.Extensions.Configuration.Abstractions (>= 2.0)
      Microsoft.Extensions.DependencyInjection.Abstractions (>= 2.0)
      Microsoft.Extensions.FileProviders.Abstractions (>= 2.0)
      Microsoft.Extensions.Hosting.Abstractions (>= 2.0.1)
      Microsoft.Extensions.Logging.Abstractions (>= 2.0)
    Microsoft.AspNetCore.Hosting.Server.Abstractions (2.0.1)
      Microsoft.AspNetCore.Http.Features (>= 2.0.1)
      Microsoft.Extensions.Configuration.Abstractions (>= 2.0)
    Microsoft.AspNetCore.Http.Abstractions (2.0.1)
      Microsoft.AspNetCore.Http.Features (>= 2.0.1)
      System.Text.Encodings.Web (>= 4.4)
    Microsoft.AspNetCore.Http.Extensions (2.0.1)
      Microsoft.AspNetCore.Http.Abstractions (>= 2.0.1)
      Microsoft.Extensions.FileProviders.Abstractions (>= 2.0)
      Microsoft.Net.Http.Headers (>= 2.0.1)
      System.Buffers (>= 4.4)
    Microsoft.AspNetCore.Http.Features (2.0.1)
      Microsoft.Extensions.Primitives (>= 2.0)
    Microsoft.AspNetCore.StaticFiles (2.0.1)
      Microsoft.AspNetCore.Hosting.Abstractions (>= 2.0.1)
      Microsoft.AspNetCore.Http.Extensions (>= 2.0.1)
      Microsoft.Extensions.FileProviders.Abstractions (>= 2.0)
      Microsoft.Extensions.Logging.Abstractions (>= 2.0)
      Microsoft.Extensions.WebEncoders (>= 2.0)
    Microsoft.Extensions.Configuration.Abstractions (2.0)
      Microsoft.Extensions.Primitives (>= 2.0)
    Microsoft.Extensions.DependencyInjection.Abstractions (2.0)
    Microsoft.Extensions.FileProviders.Abstractions (2.0)
      Microsoft.Extensions.Primitives (>= 2.0)
    Microsoft.Extensions.FileProviders.Embedded (2.0)
      Microsoft.Extensions.FileProviders.Abstractions (>= 2.0)
    Microsoft.Extensions.Hosting.Abstractions (2.0.1)
    Microsoft.Extensions.Logging.Abstractions (2.0)
    Microsoft.Extensions.Options (2.0)
      Microsoft.Extensions.DependencyInjection.Abstractions (>= 2.0)
      Microsoft.Extensions.Primitives (>= 2.0)
    Microsoft.Extensions.Primitives (2.0)
      System.Runtime.CompilerServices.Unsafe (>= 4.4)
    Microsoft.Extensions.WebEncoders (2.0)
      Microsoft.Extensions.DependencyInjection.Abstractions (>= 2.0)
      Microsoft.Extensions.Options (>= 2.0)
      System.Text.Encodings.Web (>= 4.4)
    Microsoft.Net.Http.Headers (2.0.1)
      Microsoft.Extensions.Primitives (>= 2.0)
      System.Buffers (>= 4.4)
    System.Buffers (4.4)
    System.Runtime.CompilerServices.Unsafe (4.4)
    System.Text.Encodings.Web (4.4)
    YamlDotNet (4.3.1)

GROUP Build
RESTRICTION: || (== netcoreapp2.0) (== netstandard2.0)
NUGET
  remote: https://www.nuget.org/api/v2
    FAKE (4.64.6)

GROUP Test
STORAGE: NONE
RESTRICTION: || (== netcoreapp2.0) (== netstandard2.0)
NUGET
  remote: https://www.nuget.org/api/v2
    dotnet-xunit (2.3.1) - clitool: true
      Microsoft.NETCore.App (>= 1.0) - restriction: || (== netcoreapp2.0) (&& (== netstandard2.0) (>= netcoreapp1.0))
    FSharp.Core (4.3.4)
    Giraffe (1.1)
      FSharp.Core (>= 4.2.3)
      Microsoft.AspNetCore.Authentication (>= 2.0.1)
      Microsoft.AspNetCore.Diagnostics (>= 2.0.1)
      Microsoft.AspNetCore.Hosting.Abstractions (>= 2.0.1)
      Newtonsoft.Json (>= 10.0.3)
      System.Text.RegularExpressions (>= 4.3)
      System.Xml.XmlSerializer (>= 4.3)
      TaskBuilder.fs (>= 1.0.1)
    Libuv (1.10)
      Microsoft.NETCore.Platforms (>= 1.0.1)
    Microsoft.AspNetCore.Authentication (2.0.1)
      Microsoft.AspNetCore.Authentication.Core (>= 2.0.1)
      Microsoft.AspNetCore.DataProtection (>= 2.0.1)
      Microsoft.AspNetCore.Http (>= 2.0.1)
      Microsoft.AspNetCore.Http.Extensions (>= 2.0.1)
      Microsoft.Extensions.Logging.Abstractions (>= 2.0)
      Microsoft.Extensions.Options (>= 2.0)
      Microsoft.Extensions.WebEncoders (>= 2.0)
    Microsoft.AspNetCore.Authentication.Abstractions (2.0.1)
      Microsoft.AspNetCore.Http.Abstractions (>= 2.0.1)
      Microsoft.Extensions.Logging.Abstractions (>= 2.0)
      Microsoft.Extensions.Options (>= 2.0)
    Microsoft.AspNetCore.Authentication.Core (2.0.1)
      Microsoft.AspNetCore.Authentication.Abstractions (>= 2.0.1)
      Microsoft.AspNetCore.Http (>= 2.0.1)
      Microsoft.AspNetCore.Http.Extensions (>= 2.0.1)
    Microsoft.AspNetCore.Cryptography.Internal (2.0.1)
    Microsoft.AspNetCore.DataProtection (2.0.1)
      Microsoft.AspNetCore.Cryptography.Internal (>= 2.0.1)
      Microsoft.AspNetCore.DataProtection.Abstractions (>= 2.0.1)
      Microsoft.AspNetCore.Hosting.Abstractions (>= 2.0.1)
      Microsoft.Extensions.DependencyInjection.Abstractions (>= 2.0)
      Microsoft.Extensions.Logging.Abstractions (>= 2.0)
      Microsoft.Extensions.Options (>= 2.0)
      Microsoft.Win32.Registry (>= 4.4)
      System.Security.Cryptography.Xml (>= 4.4)
    Microsoft.AspNetCore.DataProtection.Abstractions (2.0.1)
    Microsoft.AspNetCore.Diagnostics (2.0.1)
      Microsoft.AspNetCore.Diagnostics.Abstractions (>= 2.0.1)
      Microsoft.AspNetCore.Hosting.Abstractions (>= 2.0.1)
      Microsoft.AspNetCore.Http.Extensions (>= 2.0.1)
      Microsoft.AspNetCore.WebUtilities (>= 2.0.1)
      Microsoft.Extensions.FileProviders.Physical (>= 2.0)
      Microsoft.Extensions.Logging.Abstractions (>= 2.0)
      Microsoft.Extensions.Options (>= 2.0)
      System.Diagnostics.DiagnosticSource (>= 4.4.1)
      System.Reflection.Metadata (>= 1.5)
    Microsoft.AspNetCore.Diagnostics.Abstractions (2.0.1)
    Microsoft.AspNetCore.Hosting (2.0.1)
      Microsoft.AspNetCore.Hosting.Abstractions (>= 2.0.1)
      Microsoft.AspNetCore.Hosting.Server.Abstractions (>= 2.0.1)
      Microsoft.AspNetCore.Http (>= 2.0.1)
      Microsoft.AspNetCore.Http.Extensions (>= 2.0.1)
      Microsoft.Extensions.Configuration (>= 2.0)
      Microsoft.Extensions.Configuration.EnvironmentVariables (>= 2.0)
      Microsoft.Extensions.Configuration.FileExtensions (>= 2.0)
      Microsoft.Extensions.DependencyInjection (>= 2.0)
      Microsoft.Extensions.FileProviders.Physical (>= 2.0)
      Microsoft.Extensions.Logging (>= 2.0)
      Microsoft.Extensions.Options (>= 2.0)
      System.Diagnostics.DiagnosticSource (>= 4.4.1)
      System.Reflection.Metadata (>= 1.5)
    Microsoft.AspNetCore.Hosting.Abstractions (2.0.1)
      Microsoft.AspNetCore.Hosting.Server.Abstractions (>= 2.0.1)
      Microsoft.AspNetCore.Http.Abstractions (>= 2.0.1)
      Microsoft.Extensions.Configuration.Abstractions (>= 2.0)
      Microsoft.Extensions.DependencyInjection.Abstractions (>= 2.0)
      Microsoft.Extensions.FileProviders.Abstractions (>= 2.0)
      Microsoft.Extensions.Hosting.Abstractions (>= 2.0.1)
      Microsoft.Extensions.Logging.Abstractions (>= 2.0)
    Microsoft.AspNetCore.Hosting.Server.Abstractions (2.0.1)
      Microsoft.AspNetCore.Http.Features (>= 2.0.1)
      Microsoft.Extensions.Configuration.Abstractions (>= 2.0)
    Microsoft.AspNetCore.Http (2.0.1)
      Microsoft.AspNetCore.Http.Abstractions (>= 2.0.1)
      Microsoft.AspNetCore.WebUtilities (>= 2.0.1)
      Microsoft.Extensions.ObjectPool (>= 2.0)
      Microsoft.Extensions.Options (>= 2.0)
      Microsoft.Net.Http.Headers (>= 2.0.1)
    Microsoft.AspNetCore.Http.Abstractions (2.0.1)
      Microsoft.AspNetCore.Http.Features (>= 2.0.1)
      System.Text.Encodings.Web (>= 4.4)
    Microsoft.AspNetCore.Http.Extensions (2.0.1)
      Microsoft.AspNetCore.Http.Abstractions (>= 2.0.1)
      Microsoft.Extensions.FileProviders.Abstractions (>= 2.0)
      Microsoft.Net.Http.Headers (>= 2.0.1)
      System.Buffers (>= 4.4)
    Microsoft.AspNetCore.Http.Features (2.0.1)
      Microsoft.Extensions.Primitives (>= 2.0)
    Microsoft.AspNetCore.Server.Kestrel (2.0.1)
      Microsoft.AspNetCore.Hosting (>= 2.0.1)
      Microsoft.AspNetCore.Server.Kestrel.Core (>= 2.0.1)
      Microsoft.AspNetCore.Server.Kestrel.Transport.Libuv (>= 2.0.1)
    Microsoft.AspNetCore.Server.Kestrel.Core (2.0.1)
      Microsoft.AspNetCore.Hosting.Abstractions (>= 2.0.1)
      Microsoft.AspNetCore.Server.Kestrel.Transport.Abstractions (>= 2.0.1)
      Microsoft.AspNetCore.WebUtilities (>= 2.0.1)
      Microsoft.Extensions.Logging.Abstractions (>= 2.0)
      Microsoft.Extensions.Options (>= 2.0)
      Microsoft.Net.Http.Headers (>= 2.0.1)
      System.Threading.Tasks.Extensions (>= 4.4)
    Microsoft.AspNetCore.Server.Kestrel.Transport.Abstractions (2.0.1)
      Microsoft.AspNetCore.Http.Features (>= 2.0.1)
      System.Buffers (>= 4.4)
      System.Numerics.Vectors (>= 4.4)
    Microsoft.AspNetCore.Server.Kestrel.Transport.Libuv (2.0.1)
      Libuv (>= 1.10)
      Microsoft.AspNetCore.Hosting.Abstractions (>= 2.0.1)
      Microsoft.AspNetCore.Server.Kestrel.Transport.Abstractions (>= 2.0.1)
      Microsoft.Extensions.Logging.Abstractions (>= 2.0)
      Microsoft.Extensions.Options (>= 2.0)
    Microsoft.AspNetCore.TestHost (2.0.1)
      Microsoft.AspNetCore.Hosting (>= 2.0.1)
    Microsoft.AspNetCore.WebUtilities (2.0.1)
      Microsoft.Net.Http.Headers (>= 2.0.1)
      System.Text.Encodings.Web (>= 4.4)
    Microsoft.Extensions.Configuration (2.0)
      Microsoft.Extensions.Configuration.Abstractions (>= 2.0)
    Microsoft.Extensions.Configuration.Abstractions (2.0)
      Microsoft.Extensions.Primitives (>= 2.0)
    Microsoft.Extensions.Configuration.EnvironmentVariables (2.0)
      Microsoft.Extensions.Configuration (>= 2.0)
    Microsoft.Extensions.Configuration.FileExtensions (2.0)
      Microsoft.Extensions.Configuration (>= 2.0)
      Microsoft.Extensions.FileProviders.Physical (>= 2.0)
    Microsoft.Extensions.DependencyInjection (2.0)
      Microsoft.Extensions.DependencyInjection.Abstractions (>= 2.0)
    Microsoft.Extensions.DependencyInjection.Abstractions (2.0)
    Microsoft.Extensions.FileProviders.Abstractions (2.0)
      Microsoft.Extensions.Primitives (>= 2.0)
    Microsoft.Extensions.FileProviders.Physical (2.0)
      Microsoft.Extensions.FileProviders.Abstractions (>= 2.0)
      Microsoft.Extensions.FileSystemGlobbing (>= 2.0)
    Microsoft.Extensions.FileSystemGlobbing (2.0)
    Microsoft.Extensions.Hosting.Abstractions (2.0.1)
    Microsoft.Extensions.Logging (2.0)
      Microsoft.Extensions.DependencyInjection.Abstractions (>= 2.0)
      Microsoft.Extensions.Logging.Abstractions (>= 2.0)
      Microsoft.Extensions.Options (>= 2.0)
    Microsoft.Extensions.Logging.Abstractions (2.0)
    Microsoft.Extensions.Logging.Console (2.0)
      Microsoft.Extensions.Configuration.Abstractions (>= 2.0)
      Microsoft.Extensions.Logging (>= 2.0)
    Microsoft.Extensions.Logging.Debug (2.0)
      Microsoft.Extensions.Logging (>= 2.0)
    Microsoft.Extensions.ObjectPool (2.0)
    Microsoft.Extensions.Options (2.0)
      Microsoft.Extensions.DependencyInjection.Abstractions (>= 2.0)
      Microsoft.Extensions.Primitives (>= 2.0)
    Microsoft.Extensions.Primitives (2.0)
      System.Runtime.CompilerServices.Unsafe (>= 4.4)
    Microsoft.Extensions.WebEncoders (2.0)
      Microsoft.Extensions.DependencyInjection.Abstractions (>= 2.0)
      Microsoft.Extensions.Options (>= 2.0)
      System.Text.Encodings.Web (>= 4.4)
    Microsoft.Net.Http.Headers (2.0.1)
      Microsoft.Extensions.Primitives (>= 2.0)
      System.Buffers (>= 4.4)
    Microsoft.NETCore.App (2.0.5) - restriction: || (== netcoreapp2.0) (&& (== netstandard2.0) (>= netcoreapp1.0))
      Microsoft.NETCore.DotNetHostPolicy (>= 2.0.5) - restriction: || (== netcoreapp2.0) (&& (== netstandard2.0) (>= netcoreapp2.0))
      Microsoft.NETCore.Platforms (>= 2.0.1) - restriction: || (== netcoreapp2.0) (&& (== netstandard2.0) (>= netcoreapp2.0))
      NETStandard.Library (>= 2.0.1) - restriction: || (== netcoreapp2.0) (&& (== netstandard2.0) (>= netcoreapp2.0))
    Microsoft.NETCore.DotNetAppHost (2.0.5) - restriction: || (== netcoreapp2.0) (&& (== netstandard2.0) (>= netcoreapp2.0))
    Microsoft.NETCore.DotNetHostPolicy (2.0.5) - restriction: || (== netcoreapp2.0) (&& (== netstandard2.0) (>= netcoreapp2.0))
      Microsoft.NETCore.DotNetHostResolver (>= 2.0.5)
    Microsoft.NETCore.DotNetHostResolver (2.0.5) - restriction: || (== netcoreapp2.0) (&& (== netstandard2.0) (>= netcoreapp2.0))
      Microsoft.NETCore.DotNetAppHost (>= 2.0.5)
    Microsoft.NETCore.Platforms (2.0.1) - restriction: || (== netcoreapp2.0) (&& (== netstandard2.0) (>= netcoreapp2.0))
    Microsoft.NETCore.Targets (2.0) - restriction: || (&& (== netcoreapp2.0) (< netcoreapp1.1)) (&& (== netcoreapp2.0) (< netstandard1.3)) (&& (== netcoreapp2.0) (< portable-net45+win8+wp8+wpa81)) (== netstandard2.0)
    Microsoft.Win32.Registry (4.4)
      Microsoft.NETCore.Platforms (>= 2.0) - restriction: || (== netcoreapp2.0) (&& (== netstandard2.0) (>= netcoreapp2.0))
      System.Security.AccessControl (>= 4.4)
      System.Security.Principal.Windows (>= 4.4)
    NETStandard.Library (2.0.1) - restriction: || (== netcoreapp2.0) (&& (== netstandard2.0) (>= netcoreapp2.0))
      Microsoft.NETCore.Platforms (>= 1.1)
    Newtonsoft.Json (11.0.1)
    System.Buffers (4.4)
    System.Collections (4.3) - restriction: || (&& (== netcoreapp2.0) (< netcoreapp1.1)) (&& (== netcoreapp2.0) (< portable-net45+win8+wp8+wpa81)) (== netstandard2.0)
      Microsoft.NETCore.Platforms (>= 1.1)
      Microsoft.NETCore.Targets (>= 1.1)
      System.Runtime (>= 4.3)
    System.Collections.Immutable (1.4) - restriction: || (&& (== netcoreapp2.0) (>= monotouch)) (&& (== netcoreapp2.0) (< netstandard1.1)) (&& (== netcoreapp2.0) (< netstandard2.0)) (&& (== netcoreapp2.0) (< portable-net45+win8)) (&& (== netcoreapp2.0) (>= xamarinios)) (&& (== netcoreapp2.0) (>= xamarinmac)) (&& (== netcoreapp2.0) (>= xamarintvos)) (&& (== netcoreapp2.0) (>= xamarinwatchos)) (== netstandard2.0)
    System.Diagnostics.Debug (4.3) - restriction: == netstandard2.0
      Microsoft.NETCore.Platforms (>= 1.1)
      Microsoft.NETCore.Targets (>= 1.1)
      System.Runtime (>= 4.3)
    System.Diagnostics.DiagnosticSource (4.4.1)
      System.Collections (>= 4.3) - restriction: || (&& (== netcoreapp2.0) (< netstandard1.3)) (== netstandard2.0)
      System.Diagnostics.Debug (>= 4.3) - restriction: == netstandard2.0
      System.Diagnostics.Tracing (>= 4.3) - restriction: || (&& (== netcoreapp2.0) (< netstandard1.3)) (== netstandard2.0)
      System.Reflection (>= 4.3) - restriction: || (&& (== netcoreapp2.0) (< netstandard1.3)) (== netstandard2.0)
      System.Runtime (>= 4.3) - restriction: || (&& (== netcoreapp2.0) (< netstandard1.3)) (== netstandard2.0)
      System.Runtime.Extensions (>= 4.3) - restriction: == netstandard2.0
      System.Threading (>= 4.3) - restriction: || (&& (== netcoreapp2.0) (< netstandard1.3)) (== netstandard2.0)
    System.Diagnostics.Tracing (4.3) - restriction: || (&& (== netcoreapp2.0) (< netstandard1.3)) (== netstandard2.0)
      Microsoft.NETCore.Platforms (>= 1.1)
      Microsoft.NETCore.Targets (>= 1.1)
      System.Runtime (>= 4.3)
    System.Globalization (4.3) - restriction: || (&& (== netcoreapp2.0) (< netcoreapp1.1)) (&& (== netcoreapp2.0) (< portable-net45+win8+wp8+wpa81)) (== netstandard2.0)
      Microsoft.NETCore.Platforms (>= 1.1)
      Microsoft.NETCore.Targets (>= 1.1)
      System.Runtime (>= 4.3)
    System.IO (4.3)
      Microsoft.NETCore.Platforms (>= 1.1)
      Microsoft.NETCore.Targets (>= 1.1)
      System.Runtime (>= 4.3)
      System.Text.Encoding (>= 4.3)
      System.Threading.Tasks (>= 4.3)
    System.IO.FileSystem (4.3)
      Microsoft.NETCore.Platforms (>= 1.1)
      Microsoft.NETCore.Targets (>= 1.1)
      System.IO (>= 4.3)
      System.IO.FileSystem.Primitives (>= 4.3)
      System.Runtime (>= 4.3)
      System.Runtime.Handles (>= 4.3)
      System.Text.Encoding (>= 4.3)
      System.Threading.Tasks (>= 4.3)
    System.IO.FileSystem.Primitives (4.3)
      System.Runtime (>= 4.3)
    System.Linq (4.3)
      System.Collections (>= 4.3)
      System.Diagnostics.Debug (>= 4.3)
      System.Resources.ResourceManager (>= 4.3)
      System.Runtime (>= 4.3)
      System.Runtime.Extensions (>= 4.3)
    System.Numerics.Vectors (4.4)
    System.Reflection (4.3)
      Microsoft.NETCore.Platforms (>= 1.1)
      Microsoft.NETCore.Targets (>= 1.1)
      System.IO (>= 4.3)
      System.Reflection.Primitives (>= 4.3)
      System.Runtime (>= 4.3)
    System.Reflection.Emit (4.3)
      System.IO (>= 4.3)
      System.Reflection (>= 4.3)
      System.Reflection.Emit.ILGeneration (>= 4.3)
      System.Reflection.Primitives (>= 4.3)
      System.Runtime (>= 4.3)
    System.Reflection.Emit.ILGeneration (4.3)
      System.Reflection (>= 4.3)
      System.Reflection.Primitives (>= 4.3)
      System.Runtime (>= 4.3)
    System.Reflection.Extensions (4.3)
      Microsoft.NETCore.Platforms (>= 1.1)
      Microsoft.NETCore.Targets (>= 1.1)
      System.Reflection (>= 4.3)
      System.Runtime (>= 4.3)
    System.Reflection.Metadata (1.5)
      System.Collections.Immutable (>= 1.4) - restriction: || (&& (== netcoreapp2.0) (>= monotouch)) (&& (== netcoreapp2.0) (< netstandard1.1)) (&& (== netcoreapp2.0) (< netstandard2.0)) (&& (== netcoreapp2.0) (< portable-net45+win8)) (&& (== netcoreapp2.0) (>= xamarinios)) (&& (== netcoreapp2.0) (>= xamarinmac)) (&& (== netcoreapp2.0) (>= xamarintvos)) (&& (== netcoreapp2.0) (>= xamarinwatchos)) (== netstandard2.0)
    System.Reflection.Primitives (4.3)
      Microsoft.NETCore.Platforms (>= 1.1)
      Microsoft.NETCore.Targets (>= 1.1)
      System.Runtime (>= 4.3)
    System.Reflection.TypeExtensions (4.4)
    System.Resources.ResourceManager (4.3) - restriction: || (&& (== netcoreapp2.0) (< netcoreapp1.1)) (&& (== netcoreapp2.0) (< portable-net45+win8+wp8+wpa81)) (== netstandard2.0)
      Microsoft.NETCore.Platforms (>= 1.1)
      Microsoft.NETCore.Targets (>= 1.1)
      System.Globalization (>= 4.3)
      System.Reflection (>= 4.3)
      System.Runtime (>= 4.3)
    System.Runtime (4.3)
      Microsoft.NETCore.Platforms (>= 1.1)
      Microsoft.NETCore.Targets (>= 1.1)
    System.Runtime.CompilerServices.Unsafe (4.4)
    System.Runtime.Extensions (4.3) - restriction: || (&& (== netcoreapp2.0) (< netcoreapp1.1)) (&& (== netcoreapp2.0) (< portable-net45+win8+wp8+wpa81)) (== netstandard2.0)
      Microsoft.NETCore.Platforms (>= 1.1)
      Microsoft.NETCore.Targets (>= 1.1)
      System.Runtime (>= 4.3)
    System.Runtime.Handles (4.3)
      Microsoft.NETCore.Platforms (>= 1.1)
      Microsoft.NETCore.Targets (>= 1.1)
      System.Runtime (>= 4.3)
    System.Runtime.InteropServices (4.3)
      Microsoft.NETCore.Platforms (>= 1.1)
      Microsoft.NETCore.Targets (>= 1.1)
      System.Reflection (>= 4.3)
      System.Reflection.Primitives (>= 4.3)
      System.Runtime (>= 4.3)
      System.Runtime.Handles (>= 4.3)
    System.Security.AccessControl (4.4.1)
      Microsoft.NETCore.Platforms (>= 2.0) - restriction: || (== netcoreapp2.0) (&& (== netstandard2.0) (>= netcoreapp2.0))
      System.Security.Principal.Windows (>= 4.4)
    System.Security.Cryptography.Xml (4.4.1)
    System.Security.Principal.Windows (4.4.1)
      Microsoft.NETCore.Platforms (>= 2.0) - restriction: || (== netcoreapp2.0) (&& (== netstandard2.0) (>= netcoreapp2.0))
    System.Text.Encoding (4.3)
      Microsoft.NETCore.Platforms (>= 1.1)
      Microsoft.NETCore.Targets (>= 1.1)
      System.Runtime (>= 4.3)
    System.Text.Encoding.Extensions (4.3)
      Microsoft.NETCore.Platforms (>= 1.1)
      Microsoft.NETCore.Targets (>= 1.1)
      System.Runtime (>= 4.3)
      System.Text.Encoding (>= 4.3)
    System.Text.Encodings.Web (4.4)
    System.Text.RegularExpressions (4.3)
      System.Collections (>= 4.3) - restriction: || (&& (== netcoreapp2.0) (< netcoreapp1.1)) (&& (== netcoreapp2.0) (< portable-net45+win8+wp8+wpa81)) (== netstandard2.0)
      System.Globalization (>= 4.3) - restriction: || (&& (== netcoreapp2.0) (< netcoreapp1.1)) (&& (== netcoreapp2.0) (< portable-net45+win8+wp8+wpa81)) (== netstandard2.0)
      System.Resources.ResourceManager (>= 4.3) - restriction: || (&& (== netcoreapp2.0) (< netcoreapp1.1)) (&& (== netcoreapp2.0) (< portable-net45+win8+wp8+wpa81)) (== netstandard2.0)
      System.Runtime (>= 4.3)
      System.Runtime.Extensions (>= 4.3) - restriction: || (&& (== netcoreapp2.0) (< netcoreapp1.1)) (&& (== netcoreapp2.0) (< portable-net45+win8+wp8+wpa81)) (== netstandard2.0)
      System.Threading (>= 4.3) - restriction: || (&& (== netcoreapp2.0) (< netcoreapp1.1)) (&& (== netcoreapp2.0) (< portable-net45+win8+wp8+wpa81)) (== netstandard2.0)
    System.Threading (4.3) - restriction: || (&& (== netcoreapp2.0) (< netcoreapp1.1)) (&& (== netcoreapp2.0) (< portable-net45+win8+wp8+wpa81)) (== netstandard2.0)
      System.Runtime (>= 4.3)
      System.Threading.Tasks (>= 4.3)
    System.Threading.Tasks (4.3)
      Microsoft.NETCore.Platforms (>= 1.1)
      Microsoft.NETCore.Targets (>= 1.1)
      System.Runtime (>= 4.3)
    System.Threading.Tasks.Extensions (4.4)
    System.ValueTuple (4.4)
    System.Xml.ReaderWriter (4.3.1)
      System.Collections (>= 4.3)
      System.Diagnostics.Debug (>= 4.3)
      System.Globalization (>= 4.3)
      System.IO (>= 4.3)
      System.IO.FileSystem (>= 4.3)
      System.IO.FileSystem.Primitives (>= 4.3)
      System.Resources.ResourceManager (>= 4.3)
      System.Runtime (>= 4.3)
      System.Runtime.Extensions (>= 4.3)
      System.Runtime.InteropServices (>= 4.3)
      System.Text.Encoding (>= 4.3)
      System.Text.Encoding.Extensions (>= 4.3)
      System.Text.RegularExpressions (>= 4.3)
      System.Threading.Tasks (>= 4.3)
      System.Threading.Tasks.Extensions (>= 4.3)
    System.Xml.XmlDocument (4.3)
      System.Collections (>= 4.3)
      System.Diagnostics.Debug (>= 4.3)
      System.Globalization (>= 4.3)
      System.IO (>= 4.3)
      System.Resources.ResourceManager (>= 4.3)
      System.Runtime (>= 4.3)
      System.Runtime.Extensions (>= 4.3)
      System.Text.Encoding (>= 4.3)
      System.Threading (>= 4.3)
      System.Xml.ReaderWriter (>= 4.3)
    System.Xml.XmlSerializer (4.3)
      System.Collections (>= 4.3)
      System.Globalization (>= 4.3)
      System.IO (>= 4.3)
      System.Linq (>= 4.3)
      System.Reflection (>= 4.3)
      System.Reflection.Emit (>= 4.3)
      System.Reflection.Emit.ILGeneration (>= 4.3)
      System.Reflection.Extensions (>= 4.3)
      System.Reflection.Primitives (>= 4.3)
      System.Reflection.TypeExtensions (>= 4.3)
      System.Resources.ResourceManager (>= 4.3)
      System.Runtime (>= 4.3)
      System.Runtime.Extensions (>= 4.3)
      System.Text.RegularExpressions (>= 4.3)
      System.Threading (>= 4.3)
      System.Xml.ReaderWriter (>= 4.3)
      System.Xml.XmlDocument (>= 4.3)
    TaskBuilder.fs (1.1.1)
      FSharp.Core (>= 4.2.3)
      NETStandard.Library (>= 1.6.1)
      System.ValueTuple (>= 4.4)
